GEM
  remote: https://rubygems.org/
  specs:
    minitest (5.20.0)
    mutex_m (0.3.0)
    rake (13.3.0)

PLATFORMS
  arm64-darwin-24
  ruby

DEPENDENCIES
  minitest
  mutex_m
  rake

BUNDLED WITH
   2.5.22
